PATH
  remote: .
  specs:
    shipnow (0.0.1)
      blanket_wrapper

GEM
  remote: https://rubygems.org/
  specs:
    blanket_wrapper (3.0.2)
      httparty
      recursive-open-struct
    coderay (1.1.0)
    httparty (0.13.7)
      json (~> 1.8)
      multi_xml (>= 0.5.2)
    json (1.8.3)
    method_source (0.8.2)
    minitest (5.8.3)
    multi_xml (0.5.5)
    pry (0.10.3)
      coderay (~> 1.1.0)
      method_source (~> 0.8.1)
      slop (~> 3.4)
    rake (10.5.0)
    recursive-open-struct (0.6.5)
    slop (3.6.0)

PLATFORMS
  ruby

DEPENDENCIES
  minitest
  pry
  rake
  shipnow!

BUNDLED WITH
   1.11.2
